GEM
  remote: https://rubygems.org/
  specs:
    power_assert (1.1.3)
    test-unit (3.2.8)
      power_assert

PLATFORMS
  ruby

DEPENDENCIES
  test-unit

RUBY VERSION
   ruby 2.5.1p57

BUNDLED WITH
   1.16.2
